GEM
  remote: https://rubygems.org/
  specs:
    crass (1.0.6)
    fillson22_make_html (0.3.0)
    nokogiri (1.13.9-x86_64-linux)
      racc (~> 1.4)
    racc (1.5.1)
    sanitize (6.0.0)
      crass (~> 1.0.2)
      nokogiri (>= 1.12.0)

PLATFORMS
  x86_64-linux

DEPENDENCIES
  fillson22_make_html
  sanitize

BUNDLED WITH
   2.3.5
